GEM
  remote: https://rubygems.org/
  specs:
    actionmailer (2.3.18)
      actionpack (= 2.3.18)
    actionpack (2.3.18)
      activesupport (= 2.3.18)
      rack (~> 1.1.0)
    activerecord (2.3.18)
      activesupport (= 2.3.18)
    activeresource (2.3.18)
      activesupport (= 2.3.18)
    activesupport (2.3.18)
    authlogic (2.1.0)
      activesupport
    cancan (1.6.9)
    coderay (1.1.1)
    json (1.8.3)
    method_source (0.8.2)
    mysql2 (0.2.24)
    nifty-generators (0.4.6)
    pry (0.10.3)
      coderay (~> 1.1.0)
      method_source (~> 0.8.1)
      slop (~> 3.4)
    rack (1.1.6)
    rails (2.3.18)
      actionmailer (= 2.3.18)
      actionpack (= 2.3.18)
      activerecord (= 2.3.18)
      activeresource (= 2.3.18)
      activesupport (= 2.3.18)
      rake (>= 0.8.3)
    rake (10.0.4)
    rdoc (4.2.2)
      json (~> 1.4)
    slop (3.6.0)
    will_paginate (2.3.16)

PLATFORMS
  ruby

DEPENDENCIES
  authlogic (= 2.1.0)
  cancan (= 1.6.9)
  mysql2 (~> 0.2.22)
  nifty-generators
  pry
  rails
  rake (= 10.0.4)
  rdoc
  will_paginate (~> 2.3.16)

BUNDLED WITH
   1.11.2
